PATH
  remote: .
  specs:
    rack-webfinger (0.1.0)
      rack-test

GEM
  remote: https://rubygems.org/
  specs:
    diff-lcs (1.5.1)
    rack (3.1.7)
    rack-test (2.1.0)
      rack (>= 1.3)
    rake (13.2.1)
    rspec (3.13.0)
      rspec-core (~> 3.13.0)
      rspec-expectations (~> 3.13.0)
      rspec-mocks (~> 3.13.0)
    rspec-core (3.13.0)
      rspec-support (~> 3.13.0)
    rspec-expectations (3.13.1)
      diff-lcs (>= 1.2.0, < 2.0)
      rspec-support (~> 3.13.0)
    rspec-mocks (3.13.1)
      diff-lcs (>= 1.2.0, < 2.0)
      rspec-support (~> 3.13.0)
    rspec-support (3.13.1)

PLATFORMS
  x86_64-linux

DEPENDENCIES
  rack-webfinger!
  rake (~> 13.0)
  rspec (~> 3.0)

BUNDLED WITH
   2.4.19
